GIT
  remote: https://github.com/ruby-llvm/ruby-llvm
  revision: 43b93468c00c1ec0d54cda7217d51cb876fca520
  specs:
    ruby-llvm (4.0.0)
      ffi (~> 1.9.3)
      rake (~> 12.0)

GEM
  remote: https://rubygems.org/
  specs:
    ffi (1.9.18)
    parslet (1.8.0)
    rake (12.1.0)

PLATFORMS
  ruby

DEPENDENCIES
  parslet
  ruby-llvm!

BUNDLED WITH
   1.15.4
